GIT
  remote: git://github.com/dry-rb/dry-web-roda.git
  revision: 81554148b8690b40706698ab1b753ba6855f5654
  specs:
    dry-web-roda (0.1.0)
      dry-configurable (~> 0.1)
      inflecto (~> 0.0)
      roda (~> 2.14)
      roda-flow (~> 0.3)
      thor (~> 0.19)

GIT
  remote: git://github.com/dry-rb/dry-web.git
  revision: 4b77f82617ef3b40b2922fa2a2faa09b66212a43
  specs:
    dry-web (0.2.0)
      dry-component

GIT
  remote: git://github.com/dryrb/dry-auto_inject.git
  revision: 57a51b06a3699f836b15ca98b565d1fbd5a56394
  specs:
    dry-auto_inject (0.3.0)
      dry-container (~> 0.3.4)

GIT
  remote: git://github.com/dryrb/dry-component.git
  revision: 3d968cd53c380cdf7ecd7ee2863d610bffd3e83a
  specs:
    dry-component (0.3.0)
      dry-auto_inject (~> 0.3)
      dry-configurable (~> 0.1)
      dry-container (~> 0.3, >= 0.3.4)
      inflecto (>= 0.0.2)

GIT
  remote: git://github.com/dryrb/dry-logic.git
  revision: 8f8dffb9d857a47d09b380e733cf98a0eb814ab6
  specs:
    dry-logic (0.2.3)
      dry-container (~> 0.2, >= 0.2.6)
      dry-equalizer (~> 0.2)

GIT
  remote: git://github.com/dryrb/dry-types.git
  revision: cc020500b4aec5dab2fca51e275e1bf51e2ed3be
  specs:
    dry-types (0.7.2)
      concurrent-ruby (~> 1.0)
      dry-configurable (~> 0.1)
      dry-container (~> 0.3)
      dry-equalizer (~> 0.2)
      dry-logic (~> 0.2, >= 0.2.3)
      dry-monads (>= 0.0.1)
      ice_nine (~> 0.11)
      inflecto (~> 0.0.0, >= 0.0.2)

GIT
  remote: git://github.com/dryrb/dry-validation.git
  revision: 714979eda7945ecf8e1148e7d17f563771a8cb5b
  specs:
    dry-validation (0.8.0)
      concurrent-ruby (~> 1.0)
      dry-configurable (~> 0.1, >= 0.1.3)
      dry-container (~> 0.2, >= 0.2.8)
      dry-equalizer (~> 0.2)
      dry-logic (~> 0.2, >= 0.2.3)
      dry-types (~> 0.7, >= 0.7.2)

GIT
  remote: git://github.com/rom-rb/rom-mapper.git
  revision: 386ad7049b9c46243889453d4bce7b44d05962e4
  specs:
    rom-mapper (0.3.0)
      dry-equalizer (~> 0.2)
      rom-support (~> 1.0.0)
      transproc (~> 0.4.0)

GIT
  remote: git://github.com/rom-rb/rom-repository.git
  revision: 6df83fbaa79e0406e7fbf2ce9582ca2280a73ea9
  specs:
    rom-repository (0.3.0)
      concurrent-ruby (~> 1.0)
      rom (~> 2.0)
      rom-mapper (~> 0.3.0)
      rom-support (~> 1.0.0)

GIT
  remote: git://github.com/rom-rb/rom-sql.git
  revision: 98e20842939b482c2103536703aeaa64383078e9
  specs:
    rom-sql (0.8.0)
      dry-equalizer (~> 0.2)
      dry-types (~> 0.7)
      rom (~> 2.0)
      sequel (~> 4.18)

GIT
  remote: git://github.com/rom-rb/rom-support.git
  revision: 31085bb9a02a68455f2a66dce1fa08fcfd937430
  specs:
    rom-support (1.0.0)
      dry-equalizer (~> 0.2)
      transproc (~> 0.4.0)
      wisper (~> 1.6, >= 1.6.0)

GIT
  remote: git://github.com/rom-rb/rom.git
  revision: cc6df90a5ce18ddc41059d0f75aeb9e8b0549951
  specs:
    rom (2.0.0)
      concurrent-ruby (~> 1.0)
      dry-equalizer (~> 0.2)
      dry-types (~> 0.7)
      rom-mapper (~> 0.3.0)
      rom-support (~> 1.0.0)

GEM
  remote: https://rubygems.org/
  specs:
    concurrent-ruby (1.0.2)
    database_cleaner (1.5.3)
    diff-lcs (1.2.5)
    dry-configurable (0.1.6)
      concurrent-ruby (~> 1.0)
    dry-container (0.3.4)
      concurrent-ruby (~> 1.0)
      dry-configurable (~> 0.1, >= 0.1.3)
    dry-equalizer (0.2.0)
    dry-monads (0.0.1)
    ice_nine (0.11.2)
    inflecto (0.0.2)
    pg (0.18.4)
    rack (1.6.4)
    rack-test (0.6.3)
      rack (>= 1.0)
    rake (11.2.2)
    roda (2.15.0)
      rack
    roda-flow (0.3.0)
    rspec (3.4.0)
      rspec-core (~> 3.4.0)
      rspec-expectations (~> 3.4.0)
      rspec-mocks (~> 3.4.0)
    rspec-core (3.4.4)
      rspec-support (~> 3.4.0)
    rspec-expectations (3.4.0)
      diff-lcs (>= 1.2.0, < 2.0)
      rspec-support (~> 3.4.0)
    rspec-mocks (3.4.1)
      diff-lcs (>= 1.2.0, < 2.0)
      rspec-support (~> 3.4.0)
    rspec-support (3.4.1)
    sequel (4.35.0)
    thor (0.19.1)
    transproc (0.4.0)
    wisper (1.6.1)

PLATFORMS
  ruby

DEPENDENCIES
  database_cleaner
  dry-auto_inject!
  dry-component!
  dry-logic!
  dry-types!
  dry-validation!
  dry-web!
  dry-web-roda!
  pg
  rack-test
  rake
  rom!
  rom-mapper!
  rom-repository!
  rom-sql!
  rom-support!
  rspec

BUNDLED WITH
   1.11.2
